GEM
  remote: https://rubygems.org/
  specs:
    actionmailer (4.2.7.1)
      actionpack (= 4.2.7.1)
      actionview (= 4.2.7.1)
      activejob (= 4.2.7.1)
      mail (~> 2.5, >= 2.5.4)
      rails-dom-testing (~> 1.0, >= 1.0.5)
    actionpack (4.2.7.1)
      actionview (= 4.2.7.1)
      activesupport (= 4.2.7.1)
      rack (~> 1.6)
      rack-test (~> 0.6.2)
      rails-dom-testing (~> 1.0, >= 1.0.5)
      rails-html-sanitizer (~> 1.0, >= 1.0.2)
    actionview (4.2.7.1)
      activesupport (= 4.2.7.1)
      builder (~> 3.1)
      erubis (~> 2.7.0)
      rails-dom-testing (~> 1.0, >= 1.0.5)
      rails-html-sanitizer (~> 1.0, >= 1.0.2)
    activejob (4.2.7.1)
      activesupport (= 4.2.7.1)
      globalid (>= 0.3.0)
    activemodel (4.2.7.1)
      activesupport (= 4.2.7.1)
      builder (~> 3.1)
    activerecord (4.2.7.1)
      activemodel (= 4.2.7.1)
      activesupport (= 4.2.7.1)
      arel (~> 6.0)
    activesupport (4.2.7.1)
      i18n (~> 0.7)
      json (~> 1.7, >= 1.7.7)
      minitest (~> 5.1)
      thread_safe (~> 0.3, >= 0.3.4)
      tzinfo (~> 1.1)
    addressable (2.5.2)
      public_suffix (>= 2.0.2, < 4.0)
    arel (6.0.4)
    bcrypt (3.1.11)
    builder (3.2.3)
    capybara (2.16.0)
      addressable
      mini_mime (>= 0.1.3)
      nokogiri (>= 1.3.3)
      rack (>= 1.0.0)
      rack-test (>= 0.5.4)
      xpath (~> 2.0)
    coffee-rails (4.1.1)
      coffee-script (>= 2.2.0)
      railties (>= 4.0.0, < 5.1.x)
    coffee-script (2.4.1)
      coffee-script-source
      execjs
    coffee-script-source (1.12.2)
    concurrent-ruby (1.0.5)
    crass (1.0.3)
    devise (3.5.10)
      bcrypt (~> 3.0)
      orm_adapter (~> 0.1)
      railties (>= 3.2.6, < 5)
      responders
      thread_safe (~> 0.1)
      warden (~> 1.2.3)
    devise-encryptable (0.2.0)
      devise (>= 2.1.0)
    diff-lcs (1.3)
    docile (1.1.5)
    erubis (2.7.0)
    execjs (2.7.0)
    factory_girl (4.5.0)
      activesupport (>= 3.0.0)
    factory_girl_rails (4.5.0)
      factory_girl (~> 4.5.0)
      railties (>= 3.0.0)
    ffi (1.9.18)
    globalid (0.4.1)
      activesupport (>= 4.2.0)
    heroku-deflater (0.6.3)
      rack (>= 1.4.5)
    i18n (0.9.1)
      concurrent-ruby (~> 1.0)
    jquery-rails (4.1.1)
      rails-dom-testing (>= 1, < 3)
      railties (>= 4.2.0)
      thor (>= 0.14, < 2.0)
    json (1.8.6)
    kaminari (0.16.3)
      actionpack (>= 3.0.0)
      activesupport (>= 3.0.0)
    loofah (2.1.1)
      crass (~> 1.0.2)
      nokogiri (>= 1.5.9)
    mail (2.7.0)
      mini_mime (>= 0.1.1)
    mini_mime (1.0.0)
    mini_portile2 (2.3.0)
    minitest (5.10.3)
    nokogiri (1.8.1)
      mini_portile2 (~> 2.3.0)
    orm_adapter (0.5.0)
    pg (0.18.4)
    public_suffix (3.0.1)
    puma (2.15.3)
    rack (1.6.8)
    rack-test (0.6.3)
      rack (>= 1.0)
    rails (4.2.7.1)
      actionmailer (= 4.2.7.1)
      actionpack (= 4.2.7.1)
      actionview (= 4.2.7.1)
      activejob (= 4.2.7.1)
      activemodel (= 4.2.7.1)
      activerecord (= 4.2.7.1)
      activesupport (= 4.2.7.1)
      bundler (>= 1.3.0, < 2.0)
      railties (= 4.2.7.1)
      sprockets-rails
    rails-deprecated_sanitizer (1.0.3)
      activesupport (>= 4.2.0.alpha)
    rails-dom-testing (1.0.8)
      activesupport (>= 4.2.0.beta, < 5.0)
      nokogiri (~> 1.6)
      rails-deprecated_sanitizer (>= 1.0.1)
    rails-html-sanitizer (1.0.3)
      loofah (~> 2.0)
    rails_12factor (0.0.3)
      rails_serve_static_assets
      rails_stdout_logging
    rails_serve_static_assets (0.0.5)
    rails_stdout_logging (0.0.5)
    railties (4.2.7.1)
      actionpack (= 4.2.7.1)
      activesupport (= 4.2.7.1)
      rake (>= 0.8.7)
      thor (>= 0.18.1, < 2.0)
    rake (12.3.0)
    rb-fsevent (0.10.2)
    rb-inotify (0.9.10)
      ffi (>= 0.5.0, < 2)
    redcarpet (3.3.4)
    responders (2.4.0)
      actionpack (>= 4.2.0, < 5.3)
      railties (>= 4.2.0, < 5.3)
    rspec-core (3.4.4)
      rspec-support (~> 3.4.0)
    rspec-expectations (3.4.0)
      diff-lcs (>= 1.2.0, < 2.0)
      rspec-support (~> 3.4.0)
    rspec-mocks (3.4.1)
      diff-lcs (>= 1.2.0, < 2.0)
      rspec-support (~> 3.4.0)
    rspec-rails (3.4.2)
      actionpack (>= 3.0, < 4.3)
      activesupport (>= 3.0, < 4.3)
      railties (>= 3.0, < 4.3)
      rspec-core (~> 3.4.0)
      rspec-expectations (~> 3.4.0)
      rspec-mocks (~> 3.4.0)
      rspec-support (~> 3.4.0)
    rspec-support (3.4.1)
    sass (3.5.3)
      sass-listen (~> 4.0.0)
    sass-listen (4.0.0)
      rb-fsevent (~> 0.9, >= 0.9.4)
      rb-inotify (~> 0.9, >= 0.9.7)
    sass-rails (5.0.7)
      railties (>= 4.0.0, < 6)
      sass (~> 3.1)
      sprockets (>= 2.8, < 4.0)
      sprockets-rails (>= 2.0, < 4.0)
      tilt (>= 1.1, < 3)
    settingslogic (2.0.9)
    shoulda-matchers (3.1.2)
      activesupport (>= 4.0.0)
    simplecov (0.11.2)
      docile (~> 1.1.0)
      json (~> 1.8)
      simplecov-html (~> 0.10.0)
    simplecov-html (0.10.2)
    simplecov-rcov (0.2.3)
      simplecov (>= 0.4.1)
    spring (1.6.4)
    spring-commands-rspec (1.0.4)
      spring (>= 0.9.1)
    sprockets (3.7.1)
      concurrent-ruby (~> 1.0)
      rack (> 1, < 3)
    sprockets-rails (3.2.1)
      actionpack (>= 4.0)
      activesupport (>= 4.0)
      sprockets (>= 3.0.0)
    thor (0.20.0)
    thread_safe (0.3.6)
    tilt (2.0.8)
    tzinfo (1.2.4)
      thread_safe (~> 0.1)
    uglifier (2.7.2)
      execjs (>= 0.3.0)
      json (>= 1.8.0)
    warden (1.2.7)
      rack (>= 1.0)
    xpath (2.1.0)
      nokogiri (~> 1.3)

PLATFORMS
  ruby

DEPENDENCIES
  capybara (~> 2.16.0)
  coffee-rails (~> 4.1.0)
  devise (~> 3.5.2)
  devise-encryptable (~> 0.2.0)
  factory_girl_rails (~> 4.5.0)
  heroku-deflater (~> 0.6.2)
  jquery-rails (~> 4.1.0)
  kaminari (~> 0.16.3)
  nokogiri (>= 1.6.7.2)
  pg (~> 0.18.2)
  puma (~> 2.15.3)
  rails (~> 4.2.7.1)
  rails-html-sanitizer (~> 1.0.3)
  rails_12factor (~> 0.0.3)
  redcarpet (~> 3.3.2)
  rspec-rails (~> 3.4.0)
  sass-rails (~> 5.0.3)
  settingslogic (~> 2.0.9)
  shoulda-matchers (~> 3.1.0)
  simplecov (~> 0.11.1)
  simplecov-rcov (~> 0.2.3)
  spring (~> 1.6.0)
  spring-commands-rspec (~> 1.0.4)
  uglifier (~> 2.7.2)

RUBY VERSION
   ruby 2.4.2p198

BUNDLED WITH
   1.16.0
